ObjectType = Image
NDims = 2
BinaryData = True
BinaryDataByteOrderMSB = True
ElementSpacing = 1 1
DimSize = 1360 1548
ElementType = MET_USHORT
ElementDataFile = moving.raw