ObjectType = Image
NDims = 2
BinaryData = True
BinaryDataByteOrderMSB = True
DimSize = 1360 1548
ElementSpacing = 1.0 1.0
ElementType = MET_USHORT
ElementDataFile = post-align.raw